GEM
  remote: https://rubygems.org/
  specs:
    cloud_events (0.3.0)
    coderay (1.1.3)
    functions_framework (0.8.0)
      cloud_events (~> 0.1)
      puma (~> 4.3)
      rack (~> 2.1)
    method_source (1.0.0)
    minitest (5.14.4)
    nio4r (2.5.5)
    pry (0.14.0)
      coderay (~> 1.1)
      method_source (~> 1.0)
    puma (4.3.7)
      nio4r (~> 2.0)
    rack (2.2.3)

PLATFORMS
  ruby

DEPENDENCIES
  functions_framework (~> 0.8)
  minitest (~> 5.8, >= 5.8.4)
  pry

BUNDLED WITH
   2.1.4
